GEM
  remote: https://rubygems.org/
  specs:
    facets (3.1.0)
    sqlite3 (1.4.2)

PLATFORMS
  ruby

DEPENDENCIES
  facets
  sqlite3

BUNDLED WITH
   2.1.4
